PATH
  remote: .
  specs:
    array_while (0.1.1.beta)

GEM
  remote: https://rubygems.org/
  specs:
    minitest (5.10.3)
    rake (12.0.0)

PLATFORMS
  ruby

DEPENDENCIES
  array_while!
  minitest (~> 5.0)
  rake (~> 12.0)

BUNDLED WITH
   1.17.3
